PATH
  remote: .
  specs:
    msfrpc-client (1.1.0)
      msgpack
      rex

GEM
  remote: https://rubygems.org/
  specs:
    diff-lcs (1.3)
    filesize (0.1.1)
    jsobfu (0.4.2)
      rkelly-remix
    json (2.0.3)
    metasm (1.0.3)
    mini_portile2 (2.1.0)
    msgpack (1.1.0)
    nokogiri (1.7.0.1)
      mini_portile2 (~> 2.1.0)
    rake (12.0.0)
    rb-readline-r7 (0.5.2.0)
    rex (2.0.10)
      filesize
      jsobfu (~> 0.4.1)
      json
      metasm (~> 1.0.2)
      nokogiri
      rb-readline-r7
      robots
    rkelly-remix (0.0.7)
    robots (0.10.1)
    rspec (3.5.0)
      rspec-core (~> 3.5.0)
      rspec-expectations (~> 3.5.0)
      rspec-mocks (~> 3.5.0)
    rspec-core (3.5.4)
      rspec-support (~> 3.5.0)
    rspec-expectations (3.5.0)
      diff-lcs (>= 1.2.0, < 2.0)
      rspec-support (~> 3.5.0)
    rspec-mocks (3.5.0)
      diff-lcs (>= 1.2.0, < 2.0)
      rspec-support (~> 3.5.0)
    rspec-support (3.5.0)

PLATFORMS
  ruby

DEPENDENCIES
  bundler
  msfrpc-client!
  rake
  rspec

BUNDLED WITH
   1.14.6
